GEM
  remote: https://rubygems.org/
  specs:
    rake (13.3.0)
    slim (5.2.1)
      temple (~> 0.10.0)
      tilt (>= 2.1.0)
    temple (0.10.4)
    tilt (2.6.1)
    webrick (1.9.1)

PLATFORMS
  ruby

DEPENDENCIES
  rake
  slim
  tilt
  webrick

RUBY VERSION
   ruby 3.4.4p34

BUNDLED WITH
   2.4.15
